GIT
  remote: https://github.com/codeclimate/flay.git
  revision: ac8fd46ba30e9636e8bdc625cf5f849615d505b6
  specs:
    flay (2.6.1)

GEM
  remote: https://rubygems.org/
  specs:
    coderay (1.1.0)
    concurrent-ruby (1.0.0.pre5)
    diff-lcs (1.2.5)
    json (1.8.3)
    method_source (0.8.2)
    pry (0.10.3)
      coderay (~> 1.1.0)
      method_source (~> 0.8.1)
      slop (~> 3.4)
    rake (10.4.2)
    rspec (3.3.0)
      rspec-core (~> 3.3.0)
      rspec-expectations (~> 3.3.0)
      rspec-mocks (~> 3.3.0)
    rspec-core (3.3.2)
      rspec-support (~> 3.3.0)
    rspec-expectations (3.3.1)
      diff-lcs (>= 1.2.0, < 2.0)
      rspec-support (~> 3.3.0)
    rspec-mocks (3.3.2)
      diff-lcs (>= 1.2.0, < 2.0)
      rspec-support (~> 3.3.0)
    rspec-support (3.3.0)
    ruby_parser (3.7.2)
      sexp_processor (~> 4.1)
    sexp_processor (4.6.0)
    slop (3.6.0)

PLATFORMS
  ruby

DEPENDENCIES
  concurrent-ruby (~> 1.0.0.pre4)
  flay!
  json
  pry
  rake
  rspec
  ruby_parser
  sexp_processor

BUNDLED WITH
   1.10.6
